GEM
  remote: https://rubygems.org/
  specs:
    excon (1.1.1)

PLATFORMS
  ruby

DEPENDENCIES
  excon (= 1.1.1)
